GEM
  remote: http://rubygems.org/
  specs:
    hoe (2.16.1)
      rake (~> 0.8)
    json (1.6.5)
    rake (0.9.2.2)
    rdoc (3.12)
      json (~> 1.4)

PLATFORMS
  ruby

DEPENDENCIES
  hoe (~> 2.16)
  rdoc (~> 3.10)
